GEM
  remote: https://rubygems.org/
  specs:
    serialport (1.3.1)
    xbee-ruby (0.0.4)
      serialport (>= 1.1.0)

PLATFORMS
  ruby

DEPENDENCIES
  xbee-ruby

BUNDLED WITH
   1.12.4
